GEM
  remote: http://rubygems.org/
  specs:
    json (1.7.3)
    oauth (0.4.6)
    sqlite3 (1.3.6)

PLATFORMS
  ruby

DEPENDENCIES
  json
  oauth
  sqlite3
